GIT
  remote: git://github.com/infochimps-labs/wukong.git
  revision: fec20e69a9b6bab04116abe0ca2b225107bc6c45
  branch: leslie
  specs:
    wukong (3.0.1)
      configliere (>= 0.4.18)
      eventmachine
      forgery
      gorillib (>= 0.4.2)
      log4r
      multi_json (>= 1.3.6)
      uuidtools

GEM
  remote: http://rubygems.org/
  specs:
    columnize (0.8.9)
    configliere (0.4.18)
      highline (>= 1.5.2)
      multi_json (>= 1.1)
    debugger (1.6.6)
      columnize (>= 0.3.1)
      debugger-linecache (~> 1.2.0)
      debugger-ruby_core_source (~> 1.3.2)
    debugger-linecache (1.2.0)
    debugger-ruby_core_source (1.3.2)
    diff-lcs (1.2.5)
    eventmachine (1.0.3)
    forgery (0.5.0)
    gorillib (0.5.0)
      configliere (>= 0.4.13)
      json
      multi_json (>= 1.1)
    highline (1.6.21)
    json (1.8.1)
    log4r (1.1.10)
    multi_json (1.9.0)
    rspec (2.14.1)
      rspec-core (~> 2.14.0)
      rspec-expectations (~> 2.14.0)
      rspec-mocks (~> 2.14.0)
    rspec-core (2.14.8)
    rspec-expectations (2.14.5)
      diff-lcs (>= 1.1.3, < 2.0)
    rspec-mocks (2.14.6)
    uuidtools (2.1.4)
    wukong-hadoop (0.1.1)
      wukong (= 3.0.1)

PLATFORMS
  ruby

DEPENDENCIES
  debugger
  rspec
  wukong!
  wukong-hadoop
