GIT
  remote: git://github.com/cocupu/databindery-client.git
  revision: c03ce406659291abf35e9137e5d6c19580ce2c6b
  ref: c03ce406659291abf35e9137e5d6c19580ce2c6b
  specs:
    cocupu (0.0.2)
      activesupport (>= 3.0)
      httmultiparty (= 0.3.8)

GIT
  remote: git://github.com/infochimps-labs/wukong.git
  revision: fec20e69a9b6bab04116abe0ca2b225107bc6c45
  branch: leslie
  specs:
    wukong (3.0.1)
      configliere (>= 0.4.18)
      eventmachine
      forgery
      gorillib (>= 0.4.2)
      log4r
      multi_json (>= 1.3.6)
      uuidtools

GEM
  remote: http://rubygems.org/
  specs:
    activesupport (4.1.8)
      i18n (~> 0.6, >= 0.6.9)
      json (~> 1.7, >= 1.7.7)
      minitest (~> 5.1)
      thread_safe (~> 0.1)
      tzinfo (~> 1.1)
    columnize (0.8.9)
    configliere (0.4.18)
      highline (>= 1.5.2)
      multi_json (>= 1.1)
    debugger (1.6.6)
      columnize (>= 0.3.1)
      debugger-linecache (~> 1.2.0)
      debugger-ruby_core_source (~> 1.3.2)
    debugger-linecache (1.2.0)
    debugger-ruby_core_source (1.3.2)
    diff-lcs (1.2.5)
    eventmachine (1.0.3)
    forgery (0.6.0)
    gorillib (0.6.0)
      configliere (>= 0.4.13)
      multi_json (>= 1.1)
    highline (1.6.21)
    httmultiparty (0.3.8)
      httparty (>= 0.7.3)
      multipart-post
    httparty (0.13.3)
      json (~> 1.8)
      multi_xml (>= 0.5.2)
    i18n (0.6.11)
    json (1.8.1)
    log4r (1.1.10)
    mime-types (1.25.1)
    minitest (5.4.3)
    multi_json (1.10.1)
    multi_xml (0.5.5)
    multipart-post (2.0.0)
    rake (0.9.2.2)
    rdoc (4.1.1)
      json (~> 1.4)
    rest-client (1.6.8)
      mime-types (~> 1.16)
      rdoc (>= 2.4.2)
    rspec (3.0.0)
      rspec-core (~> 3.0.0)
      rspec-expectations (~> 3.0.0)
      rspec-mocks (~> 3.0.0)
    rspec-core (3.0.2)
      rspec-support (~> 3.0.0)
    rspec-expectations (3.0.2)
      diff-lcs (>= 1.2.0, < 2.0)
      rspec-support (~> 3.0.0)
    rspec-mocks (3.0.2)
      rspec-support (~> 3.0.0)
    rspec-support (3.0.2)
    thread_safe (0.3.4)
    tzinfo (1.2.2)
      thread_safe (~> 0.1)
    uuidtools (2.1.4)
    wukong-hadoop (0.1.1)
      wukong (= 3.0.1)
    yajl-ruby (1.1.0)

PLATFORMS
  ruby

DEPENDENCIES
  cocupu!
  debugger
  rake
  rest-client (~> 1.6.7)
  rspec (~> 3.0.0)
  wukong!
  wukong-hadoop
  yajl-ruby (~> 1.1.0)
